GEM
  remote: http://rubygems.org/
  specs:
    bigdecimal (1.2.0)
    gosu (0.7.48)
    hoe (3.7.1)
      rake (>= 0.8, < 11.0)
    io-console (0.4.2)
    json (1.7.7)
    little-plugger (1.1.3)
    logging (1.8.1)
      little-plugger (>= 1.1.3)
      multi_json (>= 1.3.6)
    minitest (4.3.2)
    multi_json (1.7.9)
    psych (2.0.0)
    rake (0.9.6)
    rdoc (4.0.0)
      json (~> 1.4)
    test-unit (2.0.0)
      hoe (>= 1.6.0)

PLATFORMS
  ruby

DEPENDENCIES
  bigdecimal (= 1.2.0)
  gosu (= 0.7.48)
  io-console (= 0.4.2)
  json (= 1.7.7)
  little-plugger (= 1.1.3)
  logging (= 1.8.1)
  minitest (= 4.3.2)
  multi_json (= 1.7.9)
  psych (= 2.0.0)
  rake (= 0.9.6)
  rdoc (= 4.0.0)
  test-unit (= 2.0.0.0)
